GEM
  remote: https://rubygems.org/
  specs:
    concurrent-ruby (1.1.5)
    ffi (1.11.2)
    json (2.2.0)
    mustermann (1.0.3)
    rack (2.0.8)
    rack-protection (2.0.7)
      rack
    sassc (2.2.1)
      ffi (~> 1.9)
    shotgun (0.9.2)
      rack (>= 1.0)
    sinatra (2.0.7)
      mustermann (~> 1.0)
      rack (~> 2.0)
      rack-protection (= 2.0.7)
      tilt (~> 2.0)
    slim (4.0.1)
      temple (>= 0.7.6, < 0.9)
      tilt (>= 2.0.6, < 2.1)
    sprockets (4.0.0)
      concurrent-ruby (~> 1.0)
      rack (> 1, < 3)
    temple (0.8.2)
    tilt (2.0.10)

PLATFORMS
  ruby

DEPENDENCIES
  json
  sassc
  shotgun
  sinatra
  slim
  sprockets

RUBY VERSION
   ruby 2.5.5p157

BUNDLED WITH
   1.17.3
